GIT
  remote: https://github.com/CocoaPods/CLAide.git
  revision: 8a8f26fb5d6e2b0d604bdb3c2cca14fab4f80adc
  branch: master
  specs:
    claide (1.0.1)

GIT
  remote: https://github.com/CocoaPods/Core.git
  revision: 43e49886779442cf23b1a7249a2684104f2b7147
  branch: master
  specs:
    cocoapods-core (1.1.1)
      activesupport (>= 4.0.2, < 5)
      fuzzy_match (~> 2.0.4)
      nap (~> 1.0)

GIT
  remote: https://github.com/CocoaPods/Molinillo.git
  revision: a1d1a7c9f2ffa8247c8e01b3861c519c8e36cdee
  branch: master
  specs:
    molinillo (0.5.1)

GIT
  remote: https://github.com/CocoaPods/Xcodeproj.git
  revision: 6110ca18d0be1590d093dbfdc896900903855e49
  branch: seg-ascii-plist
  specs:
    xcodeproj (1.3.3)
      CFPropertyList (~> 2.3.3)
      activesupport (>= 3)
      ascii_plist (~> 0.1.0)
      claide (>= 1.0.1, < 2.0)
      colored (~> 1.2)

GIT
  remote: https://github.com/CocoaPods/ascii_plist.git
  revision: 5a06628eb3585c390c298cb90227a53e695de31d
  branch: master
  specs:
    ascii_plist (0.1.0)

GIT
  remote: https://github.com/CocoaPods/cocoapods-deintegrate.git
  revision: 3735087ac0d50cac0d4df415eecfb67e05cfce84
  branch: master
  specs:
    cocoapods-deintegrate (1.0.1)

GIT
  remote: https://github.com/CocoaPods/cocoapods-downloader.git
  revision: 3cd516de228cca0911fe7daacc639393c9374c6b
  branch: master
  specs:
    cocoapods-downloader (1.1.2)

GIT
  remote: https://github.com/CocoaPods/cocoapods-plugins.git
  revision: abdb590c6e0af316a6e06985859c981e541286a0
  branch: master
  specs:
    cocoapods-plugins (1.0.0)
      nap

GIT
  remote: https://github.com/CocoaPods/cocoapods-search.git
  revision: eb60c856fc552124f5846c800fb64e5ec3938837
  branch: master
  specs:
    cocoapods-search (1.0.0)

GIT
  remote: https://github.com/CocoaPods/cocoapods-stats.git
  revision: 5eaccbc74899fc7d5817839af2d37d4507b405ee
  branch: master
  specs:
    cocoapods-stats (1.0.0)

GIT
  remote: https://github.com/CocoaPods/cocoapods-trunk.git
  revision: 7a7de52d61ae7dff5dc7c5d9f8edcdaa2ef4c5e8
  branch: master
  specs:
    cocoapods-trunk (1.1.1)
      nap (>= 0.8, < 2.0)
      netrc (= 0.7.8)

GIT
  remote: https://github.com/CocoaPods/cocoapods-try.git
  revision: 2c0840a6ba64056931622abc1d11479ffcc4a31b
  branch: master
  specs:
    cocoapods-try (1.1.0)

GIT
  remote: https://github.com/segiddins/json.git
  revision: a9588bc4334c2f5bf985f255b61c05eafdcd8907
  branch: seg-1.7.7-ruby-2.2
  specs:
    json (1.7.7)

PATH
  remote: .
  specs:
    cocoapods (1.1.1)
      activesupport (>= 4.0.2, < 5)
      claide (>= 1.0.1, < 2.0)
      cocoapods-core (= 1.1.1)
      cocoapods-deintegrate (>= 1.0.1, < 2.0)
      cocoapods-downloader (>= 1.1.2, < 2.0)
      cocoapods-plugins (>= 1.0.0, < 2.0)
      cocoapods-search (>= 1.0.0, < 2.0)
      cocoapods-stats (>= 1.0.0, < 2.0)
      cocoapods-trunk (>= 1.1.1, < 2.0)
      cocoapods-try (>= 1.1.0, < 2.0)
      colored (~> 1.2)
      escape (~> 0.0.4)
      fourflusher (~> 2.0.1)
      gh_inspector (~> 1.0)
      molinillo (~> 0.5.1)
      nap (~> 1.0)
      xcodeproj (>= 1.3.3, < 2.0)

GEM
  remote: https://rubygems.org/
  specs:
    CFPropertyList (2.3.3)
    activesupport (4.2.7.1)
      i18n (~> 0.7)
      json (~> 1.7, >= 1.7.7)
      minitest (~> 5.1)
      thread_safe (~> 0.3, >= 0.3.4)
      tzinfo (~> 1.1)
    addressable (2.4.0)
    ast (2.2.0)
    awesome_print (1.6.1)
    bacon (1.2.0)
    claide-plugins (0.9.0)
      cork (~> 0)
      nap (~> 1.0)
      open4 (~> 1.3)
    clintegracon (0.8.1)
      colored (~> 1.2)
      diffy
    cocoapods-dependencies (1.0.0.beta.1)
      ruby-graphviz (~> 1.2)
    cocoapods_debug (0.1.0)
      pry (= 0.10.3)
    coderay (1.1.0)
    colored (1.2)
    cork (0.1.0)
      colored (~> 1.2)
    crack (0.4.2)
      safe_yaml (~> 1.0.0)
    danger (0.10.0)
      claide (~> 1.0)
      claide-plugins (~> 0.9)
      colored (~> 1.2)
      cork (~> 0.1)
      faraday (~> 0)
      faraday-http-cache (~> 1.0)
      git (~> 1)
      octokit (~> 4.2)
      redcarpet (~> 3.3)
      terminal-table (~> 1)
    diffy (3.1.0)
    escape (0.0.4)
    faraday (0.9.2)
      multipart-post (>= 1.2, < 3)
    faraday-http-cache (1.3.0)
      faraday (~> 0.8)
    ffi (1.9.6)
    fourflusher (2.0.1)
    fuzzy_match (2.0.4)
    gh_inspector (1.0.2)
    git (1.3.0)
    i18n (0.7.0)
    inch (0.7.0)
      pry
      sparkr (>= 0.2.0)
      term-ansicolor
      yard (~> 0.8.7.5)
    inch_by_inch (1.0.0)
      inch (~> 0.7.0)
      rake (~> 10.0)
    kicker (3.0.0)
      listen (~> 1.3.0)
      notify (~> 0.5.2)
    listen (1.3.1)
      rb-fsevent (>= 0.9.3)
      rb-inotify (>= 0.9)
      rb-kqueue (>= 0.2)
    metaclass (0.0.4)
    method_source (0.8.2)
    minitest (5.9.1)
    mocha (1.1.0)
      metaclass (~> 0.0.1)
    mocha-on-bacon (0.2.2)
      mocha (>= 0.13.0)
    multipart-post (2.0.0)
    nap (1.1.0)
    netrc (0.7.8)
    notify (0.5.2)
    octokit (4.3.0)
      sawyer (~> 0.7.0, >= 0.5.3)
    open4 (1.3.4)
    parser (2.3.0.6)
      ast (~> 2.2)
    powerpack (0.1.1)
    prettybacon (0.0.2)
      bacon (~> 1.2)
    pry (0.10.3)
      coderay (~> 1.1.0)
      method_source (~> 0.8.1)
      slop (~> 3.4)
    rainbow (2.1.0)
    rake (10.5.0)
    rb-fsevent (0.9.4)
    rb-inotify (0.9.5)
      ffi (>= 0.5.0)
    rb-kqueue (0.2.3)
      ffi (>= 0.5.0)
    redcarpet (3.3.4)
    rubocop (0.37.2)
      parser (>= 2.3.0.4, < 3.0)
      powerpack (~> 0.1)
      rainbow (>= 1.99.1, < 3.0)
      ruby-progressbar (~> 1.7)
      unicode-display_width (~> 0.3)
    ruby-graphviz (1.2.2)
    ruby-prof (0.15.2)
    ruby-progressbar (1.7.5)
    safe_yaml (1.0.4)
    sawyer (0.7.0)
      addressable (>= 2.3.5, < 2.5)
      faraday (~> 0.8, < 0.10)
    slop (3.6.0)
    sparkr (0.4.1)
    term-ansicolor (1.3.2)
      tins (~> 1.0)
    terminal-table (1.6.0)
    thread_safe (0.3.5)
    tins (1.8.1)
    tzinfo (1.2.2)
      thread_safe (~> 0.1)
    unicode-display_width (0.3.1)
    webmock (1.20.4)
      addressable (>= 2.3.6)
      crack (>= 0.3.2)
    yard (0.8.7.6)

PLATFORMS
  ruby

DEPENDENCIES
  ascii_plist!
  awesome_print
  bacon
  bundler (~> 1.3)
  claide!
  clintegracon
  cocoapods!
  cocoapods-core!
  cocoapods-deintegrate!
  cocoapods-dependencies (~> 1.0.beta.1)
  cocoapods-downloader!
  cocoapods-plugins!
  cocoapods-search!
  cocoapods-stats!
  cocoapods-trunk!
  cocoapods-try!
  cocoapods_debug
  danger
  diffy
  inch_by_inch
  json!
  kicker
  mocha
  mocha-on-bacon
  molinillo!
  prettybacon
  rake (~> 10.0)
  rb-fsevent
  rubocop
  ruby-prof
  webmock
  xcodeproj!

BUNDLED WITH
   1.13.5
